GEM
  remote: https://rubygems.org/
  specs:
    erubis (2.7.0)
    jason (0.6.0)
      erubis
    rack (1.6.4)
    rack-protection (1.5.3)
      rack
    sinatra (1.4.7)
      rack (~> 1.5)
      rack-protection (~> 1.4)
      tilt (>= 1.3, < 3)
    tilt (2.0.4)

PLATFORMS
  ruby

DEPENDENCIES
  jason
  sinatra

BUNDLED WITH
   1.10.5
